GIT
  remote: https://github.com/CocoaPods/CocoaPods.git
  revision: 6d77bb4884bf7a5a24909a26f9434ae17dfa558a
  branch: master
  specs:
    cocoapods (1.0.0.beta.6)
      activesupport (>= 4.0.2)
      claide (>= 1.0.0.beta.3, < 2.0)
      cocoapods-core (= 1.0.0.beta.6)
      cocoapods-deintegrate (>= 1.0.0.beta.1, < 2.0)
      cocoapods-downloader (>= 1.0.0.beta.2, < 2.0)
      cocoapods-plugins (>= 1.0.0.beta.1, < 2.0)
      cocoapods-search (= 1.0.0)
      cocoapods-stats (>= 1.0.0.beta.3, < 2.0)
      cocoapods-trunk (>= 1.0.0.beta.2, < 2.0)
      cocoapods-try (>= 1.0.0.beta.3, < 2.0)
      colored (~> 1.2)
      escape (~> 0.0.4)
      fourflusher (~> 0.3.0)
      molinillo (~> 0.4.4)
      nap (~> 1.0)
      xcodeproj (>= 1.0.0.beta.3, < 2.0)

GIT
  remote: https://github.com/CocoaPods/Core.git
  revision: fff02c11422963e4bce9c2796c00bd9b471d79b7
  branch: master
  specs:
    cocoapods-core (1.0.0.beta.6)
      activesupport (>= 4.0.2)
      fuzzy_match (~> 2.0.4)
      nap (~> 1.0)

PATH
  remote: .
  specs:
    cocoapods-search (1.0.0)

GEM
  remote: https://rubygems.org/
  specs:
    activesupport (4.2.6)
      i18n (~> 0.7)
      json (~> 1.7, >= 1.7.7)
      minitest (~> 5.1)
      thread_safe (~> 0.3, >= 0.3.4)
      tzinfo (~> 1.1)
    bacon (1.2.0)
    claide (1.0.0.beta.3)
    cocoapods-deintegrate (1.0.0.beta.1)
    cocoapods-downloader (1.0.0.beta.2)
    cocoapods-plugins (1.0.0.beta.1)
      nap
    cocoapods-stats (1.0.0.beta.3)
    cocoapods-trunk (1.0.0.beta.2)
      nap (>= 0.8, < 2.0)
      netrc (= 0.7.8)
    cocoapods-try (1.0.0.beta.3)
    colored (1.2)
    escape (0.0.4)
    fourflusher (0.3.0)
    fuzzy_match (2.0.4)
    i18n (0.7.0)
    json (1.8.3)
    metaclass (0.0.4)
    minitest (5.8.4)
    mocha (1.1.0)
      metaclass (~> 0.0.1)
    mocha-on-bacon (0.2.2)
      mocha (>= 0.13.0)
    molinillo (0.4.4)
    nap (1.1.0)
    netrc (0.7.8)
    prettybacon (0.0.2)
      bacon (~> 1.2)
    rake (10.4.2)
    thread_safe (0.3.5)
    tzinfo (1.2.2)
      thread_safe (~> 0.1)
    xcodeproj (1.0.0.beta.3)
      activesupport (>= 3)
      claide (>= 1.0.0.beta.1, < 2.0)
      colored (~> 1.2)

PLATFORMS
  ruby

DEPENDENCIES
  bacon
  bundler (~> 1.3)
  cocoapods!
  cocoapods-core!
  cocoapods-search!
  mocha-on-bacon
  prettybacon
  rake

BUNDLED WITH
   1.11.2
